GEM
  remote: https://rubygems.org/
  specs:
    chunky_png (1.2.9)
    compass (1.0.0.alpha.13)
      chunky_png (~> 1.2)
      compass-core (~> 1.0.0.alpha.13)
      json
      listen (~> 1.1.0)
      sass (~> 3.3.0.rc.1)
    compass-core (1.0.0.alpha.13)
      multi_json (~> 1.0)
      sass (>= 3.3.rc.1)
    ffi (1.9.3)
    json (1.8.1)
    listen (1.1.6)
      rb-fsevent (>= 0.9.3)
      rb-inotify (>= 0.9)
      rb-kqueue (>= 0.2)
    multi_json (1.8.2)
    rb-fsevent (0.9.3)
    rb-inotify (0.9.2)
      ffi (>= 0.5.0)
    rb-kqueue (0.2.0)
      ffi (>= 0.5.0)
    sass (3.3.0.rc.2)
      listen (~> 1.1.0)

PLATFORMS
  ruby

DEPENDENCIES
  compass (>= 0.13.alpha.4)
  sass (>= 3.2.3)
